PATH
  remote: .
  specs:
    bourbon (1.2.0)
      sass (>= 3.1)

GEM
  remote: http://rubygems.org/
  specs:
    sass (3.1.10)

PLATFORMS
  ruby

DEPENDENCIES
  bourbon!
